PATH
  remote: .
  specs:
    sakanax (0.1.0)

GEM
  remote: https://rubygems.org/
  specs:
    rake (10.5.0)
    thor (0.19.4)

PLATFORMS
  ruby

DEPENDENCIES
  bundler (~> 1.16)
  rake (~> 10.0)
  sakanax!
  thor (~> 0.19.1)

BUNDLED WITH
   1.16.2
